GEM
  remote: https://rubygems.org/
  specs:
    diff-lcs (1.2.4)
    gherkin (2.12.0)
      multi_json (~> 1.3)
    json (1.8.0)
    multi_json (1.7.6)
    rspec (2.13.0)
      rspec-core (~> 2.13.0)
      rspec-expectations (~> 2.13.0)
      rspec-mocks (~> 2.13.0)
    rspec-core (2.13.1)
    rspec-expectations (2.13.0)
      diff-lcs (>= 1.1.3, < 2.0)
    rspec-mocks (2.13.1)
    turnip (1.1.0)
      gherkin (>= 2.5)
      rspec (~> 2.0)

PLATFORMS
  ruby

DEPENDENCIES
  json
  rspec
  turnip
